GEM
  remote: https://rubygems.org/
  specs:
    activemodel (3.2.16)
      activesupport (= 3.2.16)
      builder (~> 3.0.0)
    activesupport (3.2.16)
      i18n (~> 0.6, >= 0.6.4)
      multi_json (~> 1.0)
    bson (1.10.1)
    bson_ext (1.10.1)
      bson (~> 1.10.1)
    builder (3.0.4)
    chunky_png (1.2.9)
    hashie (2.1.1)
    i18n (0.6.9)
    mongo (1.10.1)
      bson (~> 1.10.1)
    mongoid (3.1.6)
      activemodel (~> 3.2)
      moped (~> 1.4)
      origin (~> 1.0)
      tzinfo (~> 0.3.29)
    moped (1.5.1)
    multi_json (1.8.4)
    nokogiri (1.5.11)
    origin (1.1.0)
    psd (3.1.5)
      activesupport (~> 3.2.7)
      chunky_png
      psd-enginedata (~> 1)
      rake
      xmp
    psd-enginedata (1.1.0)
      hashie (~> 2.0)
    rack (1.5.2)
    rack-protection (1.5.3)
      rack
    rake (10.1.1)
    sinatra (1.4.5)
      rack (~> 1.4)
      rack-protection (~> 1.4)
      tilt (~> 1.3, >= 1.3.4)
    tilt (1.4.1)
    tzinfo (0.3.38)
    xmp (0.2.0)
      nokogiri (~> 1.5.0)

PLATFORMS
  ruby

DEPENDENCIES
  bson_ext (= 1.10.1)
  mongo (= 1.10.1)
  mongoid (= 3.1.6)
  psd
  sinatra (= 1.4.5)
