GEM
  remote: https://rubygems.org/
  specs:
    activesupport (3.2.16)
      i18n (~> 0.6, >= 0.6.4)
      multi_json (~> 1.0)
    chunky_png (1.2.9)
    hashie (2.1.1)
    i18n (0.6.9)
    multi_json (1.8.4)
    nokogiri (1.5.11)
    psd (3.1.5)
      activesupport (~> 3.2.7)
      chunky_png
      psd-enginedata (~> 1)
      rake
      xmp
    psd-enginedata (1.1.0)
      hashie (~> 2.0)
    rack (1.5.2)
    rack-protection (1.5.3)
      rack
    rake (10.1.1)
    sinatra (1.4.5)
      rack (~> 1.4)
      rack-protection (~> 1.4)
      tilt (~> 1.3, >= 1.3.4)
    tilt (1.4.1)
    xmp (0.2.0)
      nokogiri (~> 1.5.0)

PLATFORMS
  ruby

DEPENDENCIES
  psd
  sinatra (= 1.4.5)
